PATH
  remote: .
  specs:
    WSU_In_Person (0.1.3)

GEM
  remote: https://rubygems.org/
  specs:
    csv (3.1.9)
    diff-lcs (1.4.4)
    mini_portile2 (2.5.0)
    nokogiri (1.11.2)
      mini_portile2 (~> 2.5.0)
      racc (~> 1.4)
    racc (1.5.2)
    rake (13.0.3)
    rspec (3.10.0)
      rspec-core (~> 3.10.0)
      rspec-expectations (~> 3.10.0)
      rspec-mocks (~> 3.10.0)
    rspec-core (3.10.1)
      rspec-support (~> 3.10.0)
    rspec-expectations (3.10.1)
      diff-lcs (>= 1.2.0, < 2.0)
      rspec-support (~> 3.10.0)
    rspec-mocks (3.10.2)
      diff-lcs (>= 1.2.0, < 2.0)
      rspec-support (~> 3.10.0)
    rspec-support (3.10.2)

PLATFORMS
  ruby

DEPENDENCIES
  WSU_In_Person!
  csv
  nokogiri
  rake
  rspec

RUBY VERSION
   ruby 2.7.1p83

BUNDLED WITH
   2.1.4
