PATH
  remote: .
  specs:
    WSU_In_Person (0.1.2)

GEM
  remote: https://rubygems.org/
  specs:
    csv (3.1.5)
    diff-lcs (1.4.4)
    mini_portile2 (2.4.0)
    nokogiri (1.10.10)
      mini_portile2 (~> 2.4.0)
    rake (12.3.3)
    rspec (3.9.0)
      rspec-core (~> 3.9.0)
      rspec-expectations (~> 3.9.0)
      rspec-mocks (~> 3.9.0)
    rspec-core (3.9.2)
      rspec-support (~> 3.9.3)
    rspec-expectations (3.9.2)
      diff-lcs (>= 1.2.0, < 2.0)
      rspec-support (~> 3.9.0)
    rspec-mocks (3.9.1)
      diff-lcs (>= 1.2.0, < 2.0)
      rspec-support (~> 3.9.0)
    rspec-support (3.9.3)

PLATFORMS
  ruby

DEPENDENCIES
  WSU_In_Person!
  csv
  nokogiri
  rake (~> 12.0)
  rspec (~> 3.0)

RUBY VERSION
   ruby 2.7.1p83

BUNDLED WITH
   2.1.4
